GEM
  remote: https://ruby.taobao.org/
  specs:
    mini_portile (0.6.1)
    nokogiri (1.6.5)
      mini_portile (~> 0.6.0)
    sequel (4.16.0)
    sqlite3 (1.3.10)

PLATFORMS
  ruby

DEPENDENCIES
  nokogiri
  sequel
  sqlite3
